GIT
  remote: git://github.com/plataformatec/simple_form.git
  revision: 6d4af552baaa7392988587516d15470f523a475d
  specs:
    simple_form (2.1.0.dev)
      actionpack (~> 3.0)
      activemodel (~> 3.0)

PATH
  remote: .
  specs:
    iugusdk (0.0.1)
      coffee-script
      default_value_for
      delayed_job_active_record
      devise (~> 2.1)
      fuubar
      haml
      haml-rails
      http_accept_language
      kaminari
      less
      nokogiri
      omniauth
      omniauth-facebook
      omniauth-twitter
      paperclip
      prawn
      prawn_rails
      rabl
      rails (~> 3.1.5)
      rails-i18n
      sass-rails
      simple_form

GEM
  remote: http://rubygems.org/
  specs:
    Ascii85 (1.0.1)
    actionmailer (3.1.6)
      actionpack (= 3.1.6)
      mail (~> 2.3.3)
    actionpack (3.1.6)
      activemodel (= 3.1.6)
      activesupport (= 3.1.6)
      builder (~> 3.0.0)
      erubis (~> 2.7.0)
      i18n (~> 0.6)
      rack (~> 1.3.6)
      rack-cache (~> 1.2)
      rack-mount (~> 0.8.2)
      rack-test (~> 0.6.1)
      sprockets (~> 2.0.4)
    activemodel (3.1.6)
      activesupport (= 3.1.6)
      builder (~> 3.0.0)
      i18n (~> 0.6)
    activerecord (3.1.6)
      activemodel (= 3.1.6)
      activesupport (= 3.1.6)
      arel (~> 2.2.3)
      tzinfo (~> 0.3.29)
    activeresource (3.1.6)
      activemodel (= 3.1.6)
      activesupport (= 3.1.6)
    activesupport (3.1.6)
      multi_json (>= 1.0, < 1.3)
    addressable (2.2.8)
    arel (2.2.3)
    bcrypt-ruby (3.0.1)
    brakeman (1.6.2)
      activesupport
      erubis (~> 2.6)
      fastercsv (~> 1.5)
      haml (~> 3.0)
      highline (~> 1.6)
      i18n
      json_pure
      ruby2ruby (~> 1.2)
      ruby_parser (= 2.3.1)
      sass (~> 3.0)
      terminal-table (~> 1.4)
    builder (3.0.0)
    capybara (1.1.2)
      mime-types (>= 1.16)
      nokogiri (>= 1.3.3)
      rack (>= 1.0.0)
      rack-test (>= 0.5.4)
      selenium-webdriver (~> 2.0)
      xpath (~> 0.1.4)
    childprocess (0.3.4)
      ffi (~> 1.0, >= 1.0.6)
    cocaine (0.2.1)
    coffee-script (2.2.0)
      coffee-script-source
      execjs
    coffee-script-source (1.3.3)
    commonjs (0.2.6)
    database_cleaner (0.8.0)
    default_value_for (2.0.1)
    delayed_job (3.0.3)
      activesupport (~> 3.0)
    delayed_job_active_record (0.3.2)
      activerecord (> 2.1.0)
      delayed_job (~> 3.0.0)
    devise (2.1.2)
      bcrypt-ruby (~> 3.0)
      orm_adapter (~> 0.1)
      railties (~> 3.1)
      warden (~> 1.2.1)
    diff-lcs (1.1.3)
    erubis (2.7.0)
    execjs (1.4.0)
      multi_json (~> 1.0)
    fabrication (2.2.0)
    faker (1.0.1)
      i18n (~> 0.4)
    faraday (0.8.1)
      multipart-post (~> 1.1)
    fastercsv (1.5.5)
    ffi (1.1.0)
    fuubar (1.0.0)
      rspec (~> 2.0)
      rspec-instafail (~> 0.2.0)
      ruby-progressbar (~> 0.0.10)
    haml (3.1.6)
    haml-rails (0.3.4)
      actionpack (~> 3.0)
      activesupport (~> 3.0)
      haml (~> 3.0)
      railties (~> 3.0)
    hashie (1.2.0)
    highline (1.6.13)
    hike (1.2.1)
    http_accept_language (1.0.2)
    httpauth (0.1)
    i18n (0.6.0)
    jquery-rails (1.0.19)
      railties (~> 3.0)
      thor (~> 0.14)
    json (1.7.3)
    json_pure (1.7.3)
    jwt (0.1.5)
      multi_json (>= 1.0)
    kaminari (0.13.0)
      actionpack (>= 3.0.0)
      activesupport (>= 3.0.0)
      railties (>= 3.0.0)
    less (2.0.12)
      commonjs (~> 0.2.0)
      therubyracer (~> 0.9.9)
    libv8 (3.3.10.4)
    libwebsocket (0.1.4)
      addressable
    mail (2.3.3)
      i18n (>= 0.4.0)
      mime-types (~> 1.16)
      treetop (~> 1.4.8)
    mime-types (1.19)
    multi_json (1.2.0)
    multipart-post (1.1.5)
    mysql2 (0.3.11)
    nokogiri (1.5.5)
    oauth (0.4.6)
    oauth2 (0.8.0)
      faraday (~> 0.8)
      httpauth (~> 0.1)
      jwt (~> 0.1.4)
      multi_json (~> 1.0)
      rack (~> 1.2)
    omniauth (1.1.0)
      hashie (~> 1.2)
      rack
    omniauth-facebook (1.4.1)
      omniauth-oauth2 (~> 1.1.0)
    omniauth-oauth (1.0.1)
      oauth
      omniauth (~> 1.0)
    omniauth-oauth2 (1.1.0)
      oauth2 (~> 0.8.0)
      omniauth (~> 1.0)
    omniauth-twitter (0.0.9)
      omniauth-oauth (~> 1.0)
    orm_adapter (0.4.0)
    paperclip (2.7.0)
      activerecord (>= 2.3.0)
      activesupport (>= 2.3.2)
      cocaine (>= 0.0.2)
      mime-types
    pdf-reader (1.1.1)
      Ascii85 (~> 1.0.0)
      ruby-rc4
    polyglot (0.3.3)
    populator (1.0.0)
    prawn (0.12.0)
      pdf-reader (>= 0.9.0)
      ttfunk (~> 1.0.2)
    prawn_rails (0.0.8)
      prawn (>= 0.11.1)
      rails (>= 3.0.0)
    rabl (0.7.0)
      activesupport (>= 2.3.14)
      multi_json (~> 1.0)
    rack (1.3.6)
    rack-cache (1.2)
      rack (>= 0.4)
    rack-mount (0.8.3)
      rack (>= 1.0.0)
    rack-ssl (1.3.2)
      rack
    rack-test (0.6.1)
      rack (>= 1.0)
    rails (3.1.6)
      actionmailer (= 3.1.6)
      actionpack (= 3.1.6)
      activerecord (= 3.1.6)
      activeresource (= 3.1.6)
      activesupport (= 3.1.6)
      bundler (~> 1.0)
      railties (= 3.1.6)
    rails-i18n (0.6.5)
      i18n (~> 0.5)
    railties (3.1.6)
      actionpack (= 3.1.6)
      activesupport (= 3.1.6)
      rack-ssl (~> 1.3.2)
      rake (>= 0.8.7)
      rdoc (~> 3.4)
      thor (~> 0.14.6)
    rake (0.9.2.2)
    rdoc (3.12)
      json (~> 1.4)
    rr (1.0.4)
    rspec (2.11.0)
      rspec-core (~> 2.11.0)
      rspec-expectations (~> 2.11.0)
      rspec-mocks (~> 2.11.0)
    rspec-core (2.11.1)
    rspec-expectations (2.11.1)
      diff-lcs (~> 1.1.3)
    rspec-instafail (0.2.4)
    rspec-mocks (2.11.1)
    rspec-rails (2.11.0)
      actionpack (>= 3.0)
      activesupport (>= 3.0)
      railties (>= 3.0)
      rspec (~> 2.11.0)
    ruby-progressbar (0.0.10)
    ruby-rc4 (0.1.5)
    ruby2ruby (1.3.1)
      ruby_parser (~> 2.0)
      sexp_processor (~> 3.0)
    ruby_parser (2.3.1)
      sexp_processor (~> 3.0)
    rubyzip (0.9.9)
    sass (3.1.20)
    sass-rails (3.1.6)
      actionpack (~> 3.1.0)
      railties (~> 3.1.0)
      sass (>= 3.1.10)
      tilt (~> 1.3.2)
    selenium-webdriver (2.25.0)
      childprocess (>= 0.2.5)
      libwebsocket (~> 0.1.3)
      multi_json (~> 1.0)
      rubyzip
    sexp_processor (3.2.0)
    shoulda-matchers (1.2.0)
      activesupport (>= 3.0.0)
    simplecov (0.6.4)
      multi_json (~> 1.0)
      simplecov-html (~> 0.5.3)
    simplecov-html (0.5.3)
    sprockets (2.0.4)
      hike (~> 1.2)
      rack (~> 1.0)
      tilt (~> 1.1, != 1.3.0)
    terminal-table (1.4.5)
    therubyracer (0.9.10)
      libv8 (~> 3.3.10)
    thor (0.14.6)
    tilt (1.3.3)
    treetop (1.4.10)
      polyglot
      polyglot (>= 0.3.1)
    ttfunk (1.0.3)
    tzinfo (0.3.33)
    warden (1.2.1)
      rack (>= 1.0)
    xpath (0.1.4)
      nokogiri (~> 1.3)

PLATFORMS
  ruby

DEPENDENCIES
  brakeman
  capybara
  coffee-script
  database_cleaner
  default_value_for
  devise (~> 2.1)
  fabrication
  faker
  fuubar
  haml
  haml-rails
  iugusdk!
  jquery-rails
  kaminari
  less (~> 2.0.6)
  mysql2
  nokogiri
  omniauth
  paperclip (~> 2.0)
  populator
  prawn
  prawn_rails
  rabl
  rails-i18n
  rr
  rspec-rails
  sass-rails
  shoulda-matchers
  simple_form!
  simplecov
